GIT
  remote: git://github.com/rails/rails.git
  revision: 4480521df962705872cb3a7d718247feb84c0467
  branch: 3-0-stable
  specs:
    actionmailer (3.0.2.pre)
      actionpack (= 3.0.2.pre)
      mail (~> 2.2.6.1)
    actionpack (3.0.2.pre)
      activemodel (= 3.0.2.pre)
      activesupport (= 3.0.2.pre)
      builder (~> 2.1.2)
      erubis (~> 2.6.6)
      i18n (~> 0.4.1)
      rack (~> 1.2.1)
      rack-mount (~> 0.6.13)
      rack-test (~> 0.5.6)
      tzinfo (~> 0.3.23)
    activemodel (3.0.2.pre)
      activesupport (= 3.0.2.pre)
      builder (~> 2.1.2)
      i18n (~> 0.4.1)
    activerecord (3.0.2.pre)
      activemodel (= 3.0.2.pre)
      activesupport (= 3.0.2.pre)
      arel (~> 2.0.0)
      tzinfo (~> 0.3.23)
    activeresource (3.0.2.pre)
      activemodel (= 3.0.2.pre)
      activesupport (= 3.0.2.pre)
    activesupport (3.0.2.pre)
    rails (3.0.2.pre)
      actionmailer (= 3.0.2.pre)
      actionpack (= 3.0.2.pre)
      activerecord (= 3.0.2.pre)
      activeresource (= 3.0.2.pre)
      activesupport (= 3.0.2.pre)
      bundler (~> 1.0.3)
      railties (= 3.0.2.pre)
    railties (3.0.2.pre)
      actionpack (= 3.0.2.pre)
      activesupport (= 3.0.2.pre)
      rake (>= 0.8.7)
      thor (~> 0.14.2)

GIT
  remote: git://github.com/seven1m/webrat.git
  revision: 14224ae4b527e64d0f869fde79583c590d74cb9a
  specs:
    webrat (0.7.2)
      nokogiri (>= 1.2.0)
      rack (>= 1.0)
      rack-test (>= 0.5.3)

GIT
  remote: git://github.com/thoughtbot/paperclip.git
  revision: ef7233d25700a7e69cebd2334b656fa9ca0ae927
  specs:
    paperclip (2.3.4)
      activerecord
      activesupport

GEM
  remote: http://rubygems.org/
  specs:
    abstract (1.0.0)
    arel (2.0.1)
    builder (2.1.2)
    campaign_monitor_party (0.2.1)
      httparty
    cgi_multipart_eof_fix (2.5.0)
    color (1.4.1)
    crack (0.1.8)
    daemons (1.1.0)
    erubis (2.6.6)
      abstract (>= 1.0.0)
    faker (0.3.1)
    fastercsv (1.5.3)
    fastthread (1.0.7)
    gem_plugin (0.2.3)
    highline (1.6.1)
    hoe (2.6.2)
      rake (>= 0.8.7)
      rubyforge (>= 2.0.4)
    httparty (0.6.1)
      crack (= 0.1.8)
    i18n (0.4.1)
    jquery-rails (0.2.4)
      rails (~> 3.0)
    json_pure (1.4.6)
    liquid (2.2.2)
    mail (2.2.6.1)
      activesupport (>= 2.3.6)
      mime-types
      treetop (>= 1.4.5)
    mime-types (1.16)
    mongrel (1.1.5)
      cgi_multipart_eof_fix (>= 2.4)
      daemons (>= 1.0.3)
      fastthread (>= 1.0.1)
      gem_plugin (>= 0.2.3)
    mysql (2.8.1)
    nokogiri (1.4.3.1)
    pdf-writer (1.1.8)
      color (>= 1.4.0)
      transaction-simple (~> 1.3)
    polyglot (0.3.1)
    rack (1.2.1)
    rack-mount (0.6.13)
      rack (>= 1.0.0)
    rack-test (0.5.6)
      rack (>= 1.0)
    rake (0.8.7)
    rubyforge (2.0.4)
      json_pure (>= 1.1.7)
    rubyzip (0.9.4)
    sanitize (1.2.1)
      nokogiri (~> 1.4.1)
    selenium-client (1.2.18)
    shoulda (2.11.3)
    thor (0.14.3)
    transaction-simple (1.4.0)
      hoe (>= 1.1.7)
    treetop (1.4.8)
      polyglot (>= 0.3.1)
    tzinfo (0.3.23)
    will_paginate (3.0.pre2)

PLATFORMS
  ruby

DEPENDENCIES
  builder (>= 2.1.2)
  campaign_monitor_party (>= 0.2.1)
  faker (>= 0.3.1)
  fastercsv (~> 1.5.0)
  highline (~> 1.6.1)
  jquery-rails (~> 0.2.4)
  liquid (~> 2.2.2)
  mongrel
  mysql (~> 2.8.1)
  nokogiri (~> 1.4.0)
  paperclip!
  pdf-writer (~> 1.1.8)
  rails!
  rubyzip (~> 0.9.4)
  sanitize (~> 1.2.1)
  selenium-client
  shoulda (~> 2.11.3)
  webrat!
  will_paginate (~> 3.0.pre2)
